GEM
  remote: https://rubygems.org/
  specs:
    chardet (0.9.0)
    fastercsv (1.5.5)
    geocoder (1.2.12)
    mini_portile2 (2.0.0)
    nokogiri (1.6.7)
      mini_portile2 (~> 2.0.0.rc2)
    roo (2.3.0)
      nokogiri (~> 1)
      rubyzip (~> 1.1, < 2.0.0)
    rubyzip (1.1.7)

PLATFORMS
  ruby

DEPENDENCIES
  chardet
  fastercsv
  geocoder
  roo

BUNDLED WITH
   1.10.6
