GEM
  remote: https://rubygems.org/
  specs:
    chardet (0.9.0)
    domain_name (0.5.25)
      unf (>= 0.0.5, < 1.0.0)
    fastercsv (1.5.5)
    geocoder (1.2.12)
    georuby (2.5.2)
    geoutm (1.0.2)
    http-cookie (1.0.2)
      domain_name (~> 0.5)
    mime-types (2.99)
    mini_portile2 (2.0.0)
    netrc (0.11.0)
    nokogiri (1.6.7)
      mini_portile2 (~> 2.0.0.rc2)
    rest-client (1.8.0)
      http-cookie (>= 1.0.2, < 2.0)
      mime-types (>= 1.16, < 3.0)
      netrc (~> 0.7)
    roo (2.3.0)
      nokogiri (~> 1)
      rubyzip (~> 1.1, < 2.0.0)
    rubyzip (1.1.7)
    unf (0.1.4)
      unf_ext
    unf_ext (0.0.7.1)

PLATFORMS
  ruby

DEPENDENCIES
  chardet
  fastercsv
  geocoder
  georuby
  geoutm
  rest-client
  roo

BUNDLED WITH
   1.10.6
